GEM
  remote: https://rubygems.org/
  specs:
    columnize (0.3.6)
    debugger (1.6.1)
      columnize (>= 0.3.1)
      debugger-linecache (~> 1.2.0)
      debugger-ruby_core_source (~> 1.2.3)
    debugger-linecache (1.2.0)
    debugger-ruby_core_source (1.2.3)
    json (1.7.7)
    rack (1.5.2)
    rack-protection (1.5.0)
      rack
    sinatra (1.4.3)
      rack (~> 1.4)
      rack-protection (~> 1.4)
      tilt (~> 1.3, >= 1.3.4)
    smarter_csv (1.0.10)
    tilt (1.4.1)

PLATFORMS
  ruby

DEPENDENCIES
  debugger
  json
  sinatra
  smarter_csv
